GEM
  remote: http://rubygems.org/
  specs:
    graphite_graph (0.0.8)
    rack (1.6.13)
    rack-protection (1.5.5)
      rack
    redcarpet (2.2.2)
    sinatra (1.3.3)
      rack (~> 1.3, >= 1.3.6)
      rack-protection (~> 1.2)
      tilt (~> 1.3, >= 1.3.3)
    tilt (1.3.3)

PLATFORMS
  ruby

DEPENDENCIES
  graphite_graph (~> 0.0.8)
  redcarpet
  sinatra
